GIT
  remote: https://github.com/theyworkforyou/jekyll-everypolitician
  revision: cf205b93b1981f23c925892776b01af69497ad44
  branch: add-posts-support
  specs:
    jekyll-everypolitician (0.7.0)
      jekyll (>= 3)

GIT
  remote: https://github.com/theyworkforyou/jekyll-search
  revision: bad20e2e63f04cdfe80933e2b6b0951befd82a2a
  branch: handle-baseurl
  specs:
    jekyll-search (0.1.0)
      jekyll (>= 3)

GEM
  remote: https://rubygems.org/
  specs:
    coderay (1.1.1)
    colorator (0.1)
    ffi (1.9.10)
    jekyll (3.1.3)
      colorator (~> 0.1)
      jekyll-sass-converter (~> 1.0)
      jekyll-watch (~> 1.1)
      kramdown (~> 1.3)
      liquid (~> 3.0)
      mercenary (~> 0.3.3)
      rouge (~> 1.7)
      safe_yaml (~> 1.0)
    jekyll-facebook_comments (0.1.0)
      liquid (>= 3)
    jekyll-sass-converter (1.4.0)
      sass (~> 3.4)
    jekyll-watch (1.3.1)
      listen (~> 3.0)
    kramdown (1.10.0)
    liquid (3.0.6)
    listen (3.0.6)
      rb-fsevent (>= 0.9.3)
      rb-inotify (>= 0.9.7)
    mercenary (0.3.6)
    method_source (0.8.2)
    pry (0.10.3)
      coderay (~> 1.1.0)
      method_source (~> 0.8.1)
      slop (~> 3.4)
    rb-fsevent (0.9.7)
    rb-inotify (0.9.7)
      ffi (>= 0.5.0)
    rouge (1.10.1)
    safe_yaml (1.0.4)
    sass (3.4.22)
    slop (3.6.0)

PLATFORMS
  ruby

DEPENDENCIES
  jekyll (~> 3.1)
  jekyll-everypolitician!
  jekyll-facebook_comments
  jekyll-search!
  pry

BUNDLED WITH
   1.11.2
